GEM
  specs:
    polyglot (0.3.3)
    rspec (1.3.2)
    term-ansicolor (1.1.5)
    treetop (1.4.12)
      polyglot
      polyglot (>= 0.3.1)

PLATFORMS
  ruby

DEPENDENCIES
  rspec (= 1.3.2)
  term-ansicolor
  treetop
